GIT
  remote: git://github.com/flippus/refinerycms_events2.0.git
  revision: 25401b82a8a5ebd2f3ac6310b4639143eb2912f7
  specs:
    refinerycms-events (1.0b)
      refinerycms-core (>= 2.0)

GIT
  remote: git://github.com/parndt/refinerycms-i18n.git
  revision: 2a6d35554421d4e0a2ebeba6eb291bcd0ade9291
  specs:
    refinerycms-i18n (2.1.0.dev)
      rails-i18n (~> 0.6.5)
      refinerycms-core (~> 2.0)
      routing-filter (~> 0.3.0)

GIT
  remote: git://github.com/simplelogica/refinerycms
  revision: 9290f946802ea8130f5a098a1a6419ff5a6d2848
  branch: fix/engine-generator-multiple-resources-migrations-routes
  specs:
    refinerycms (2.1.0.dev)
      bundler (~> 1.0)
      refinerycms-authentication (= 2.1.0.dev)
      refinerycms-core (= 2.1.0.dev)
      refinerycms-dashboard (= 2.1.0.dev)
      refinerycms-images (= 2.1.0.dev)
      refinerycms-pages (= 2.1.0.dev)
      refinerycms-resources (= 2.1.0.dev)
    refinerycms-authentication (2.1.0.dev)
      actionmailer (>= 3.1.3, < 3.3)
      devise (~> 2.0.0)
      orm_adapter (~> 0.0.7)
      refinerycms-core (= 2.1.0.dev)
    refinerycms-core (2.1.0.dev)
      actionpack (>= 3.1.3, < 3.3)
      activerecord (>= 3.1.3, < 3.3)
      awesome_nested_set (~> 2.1.3)
      coffee-rails (~> 3.2.1)
      jquery-rails (~> 2.0.0)
      railties (>= 3.1.3, < 3.3)
      sass-rails (~> 3.2.3)
      truncate_html (~> 0.5)
      will_paginate (~> 3.0.2)
    refinerycms-dashboard (2.1.0.dev)
      refinerycms-core (= 2.1.0.dev)
    refinerycms-images (2.1.0.dev)
      acts_as_indexed (~> 0.7.7)
      dragonfly (~> 0.9.8)
      rack-cache (>= 0.5.3)
      refinerycms-core (= 2.1.0.dev)
    refinerycms-pages (2.1.0.dev)
      acts_as_indexed (~> 0.7.7)
      awesome_nested_set (~> 2.1.3)
      babosa (!= 0.3.6)
      friendly_id (~> 4.0.4)
      globalize3 (~> 0.2.0)
      refinerycms-core (= 2.1.0.dev)
      seo_meta (~> 1.3.0)
    refinerycms-resources (2.1.0.dev)
      acts_as_indexed (~> 0.7.7)
      dragonfly (~> 0.9.8)
      rack-cache (>= 0.5.3)
      refinerycms-core (= 2.1.0.dev)

GEM
  remote: https://rubygems.org/
  specs:
    actionmailer (3.2.8)
      actionpack (= 3.2.8)
      mail (~> 2.4.4)
    actionpack (3.2.8)
      activemodel (= 3.2.8)
      activesupport (= 3.2.8)
      builder (~> 3.0.0)
      erubis (~> 2.7.0)
      journey (~> 1.0.4)
      rack (~> 1.4.0)
      rack-cache (~> 1.2)
      rack-test (~> 0.6.1)
      sprockets (~> 2.1.3)
    activemodel (3.2.8)
      activesupport (= 3.2.8)
      builder (~> 3.0.0)
    activerecord (3.2.8)
      activemodel (= 3.2.8)
      activesupport (= 3.2.8)
      arel (~> 3.0.2)
      tzinfo (~> 0.3.29)
    activeresource (3.2.8)
      activemodel (= 3.2.8)
      activesupport (= 3.2.8)
    activesupport (3.2.8)
      i18n (~> 0.6)
      multi_json (~> 1.0)
    acts_as_indexed (0.7.8)
    arel (3.0.2)
    awesome_nested_set (2.1.3)
      activerecord (>= 3.0.0)
    babosa (0.3.8)
    bcrypt-ruby (3.0.1)
    bcrypt-ruby (3.0.1-x86-mingw32)
    builder (3.0.0)
    coffee-rails (3.2.2)
      coffee-script (>= 2.2.0)
      railties (~> 3.2.0)
    coffee-script (2.2.0)
      coffee-script-source
      execjs
    coffee-script-source (1.3.3)
    devise (2.0.4)
      bcrypt-ruby (~> 3.0)
      orm_adapter (~> 0.0.3)
      railties (~> 3.1)
      warden (~> 1.1.1)
    dragonfly (0.9.12)
      rack
    erubis (2.7.0)
    execjs (1.4.0)
      multi_json (~> 1.0)
    friendly_id (4.0.8)
    globalize3 (0.2.0)
      activemodel (>= 3.0.0)
      activerecord (>= 3.0.0)
      paper_trail (~> 2)
    hike (1.2.1)
    i18n (0.6.0)
    journey (1.0.4)
    jquery-rails (2.0.3)
      railties (>= 3.1.0, < 5.0)
      thor (~> 0.14)
    json (1.7.5)
    mail (2.4.4)
      i18n (>= 0.4.0)
      mime-types (~> 1.16)
      treetop (~> 1.4.8)
    mime-types (1.19)
    multi_json (1.3.6)
    orm_adapter (0.0.7)
    paper_trail (2.6.3)
      activerecord (~> 3.0)
      railties (~> 3.0)
    polyglot (0.3.3)
    rack (1.4.1)
    rack-cache (1.2)
      rack (>= 0.4)
    rack-ssl (1.3.2)
      rack
    rack-test (0.6.1)
      rack (>= 1.0)
    rails (3.2.8)
      actionmailer (= 3.2.8)
      actionpack (= 3.2.8)
      activerecord (= 3.2.8)
      activeresource (= 3.2.8)
      activesupport (= 3.2.8)
      bundler (~> 1.0)
      railties (= 3.2.8)
    rails-i18n (0.6.5)
      i18n (~> 0.5)
    railties (3.2.8)
      actionpack (= 3.2.8)
      activesupport (= 3.2.8)
      rack-ssl (~> 1.3.2)
      rake (>= 0.8.7)
      rdoc (~> 3.4)
      thor (>= 0.14.6, < 2.0)
    rake (0.9.2.2)
    rdoc (3.12)
      json (~> 1.4)
    routing-filter (0.3.1)
      actionpack
    sass (3.2.1)
    sass-rails (3.2.5)
      railties (~> 3.2.0)
      sass (>= 3.1.10)
      tilt (~> 1.3)
    seo_meta (1.3.0)
      railties (>= 3.0.0)
    sprockets (2.1.3)
      hike (~> 1.2)
      rack (~> 1.0)
      tilt (~> 1.1, != 1.3.0)
    sqlite3 (1.3.6)
    sqlite3 (1.3.6-x86-mingw32)
    thor (0.16.0)
    tilt (1.3.3)
    treetop (1.4.10)
      polyglot
      polyglot (>= 0.3.1)
    truncate_html (0.5.5)
    tzinfo (0.3.33)
    uglifier (1.2.7)
      execjs (>= 0.3.0)
      multi_json (~> 1.3)
    warden (1.1.1)
      rack (>= 1.0)
    will_paginate (3.0.3)

PLATFORMS
  x86-mingw32

DEPENDENCIES
  bcrypt-ruby (~> 3.0.0)
  coffee-rails (~> 3.2.1)
  jquery-rails (~> 2.0.0)
  rails (= 3.2.8)
  refinerycms!
  refinerycms-events (~> 1.0b)!
  refinerycms-i18n (~> 2.1.0.dev)!
  sass-rails (~> 3.2.3)
  sqlite3
  uglifier (>= 1.0.3)
